STORAGE: NONE
RESTRICTION: == net6.0
NUGET
  remote: https://api.nuget.org/v3/index.json
    Fable.Core (4.0)
    FSharp.Core (7.0.200) - content: none
    Thoth.Json (10.1)
      Fable.Core (>= 3.1.6)
      FSharp.Core (>= 4.7.2)
GITHUB
  remote: finos/morphir-elm
    FULLPROJECT (4bc29a3394e5bdfdedad8be50a0c4429a5d37c28)